GEM
  remote: https://rubygems.org/
  specs:
    influxdb (0.7.0)
    mustermann (1.0.3)
    nio4r (2.5.2)
    puma (4.2.1)
      nio4r (~> 2.0)
    rack (2.0.7)
    rack-protection (2.0.7)
      rack
    sinatra (2.0.7)
      mustermann (~> 1.0)
      rack (~> 2.0)
      rack-protection (= 2.0.7)
      tilt (~> 2.0)
    tilt (2.0.10)

PLATFORMS
  ruby

DEPENDENCIES
  influxdb (~> 0.7.0)
  puma (~> 4.2)
  sinatra (~> 2.0)

BUNDLED WITH
   2.0.1
